GIT
  remote: git@github.com:rdvdijk/icanhasaudio.git
  revision: 23df3ea4e123da4254a7bc80c4af52ea8effedf8
  specs:
    icanhasaudio (0.1.3)

GIT
  remote: git@github.com:rdvdijk/ruby-shout.git
  revision: 15bce8fad36752b01551095f94acc0ed78838148
  specs:
    ruby-shout (2.2.1)

GEM
  remote: https://rubygems.org/
  specs:
    activemodel (3.2.13)
      activesupport (= 3.2.13)
      builder (~> 3.0.0)
    activerecord (3.2.13)
      activemodel (= 3.2.13)
      activesupport (= 3.2.13)
      arel (~> 3.0.2)
      tzinfo (~> 0.3.29)
    activesupport (3.2.13)
      i18n (= 0.6.1)
      multi_json (~> 1.0)
    acts_as_list (0.2.0)
      activerecord (>= 3.0)
    arel (3.0.2)
    attr_required (0.0.5)
    builder (3.0.4)
    coderay (1.0.9)
    faraday (0.8.7)
      multipart-post (~> 1.1)
    fb_graph (2.6.7)
      httpclient (>= 2.2.0.2)
      multi_json (>= 1.3)
      rack-oauth2 (>= 0.14.4)
      tzinfo
    flacinfo-rb (0.4)
    haml (4.0.2)
      tilt
    httpclient (2.5.2)
    i18n (0.6.1)
    method_source (0.8.1)
    multi_json (1.7.2)
    multipart-post (1.2.0)
    pg (0.15.1)
    pry (0.9.12)
      coderay (~> 1.0.5)
      method_source (~> 0.8)
      slop (~> 3.4)
    pry-nav (0.2.3)
      pry (~> 0.9.10)
    puma (1.6.3)
      rack (~> 1.2)
    rack (1.5.2)
    rack-oauth2 (1.0.4)
      activesupport (>= 2.3)
      attr_required (>= 0.0.5)
      httpclient (>= 2.2.0.2)
      multi_json (>= 1.3.6)
      rack (>= 1.1)
    rack-protection (1.5.0)
      rack
    ruby-audio (1.6.1)
    sass (3.2.7)
    simple_oauth (0.2.0)
    sinatra (1.4.2)
      rack (~> 1.5, >= 1.5.2)
      rack-protection (~> 1.4)
      tilt (~> 1.3, >= 1.3.4)
    slop (3.4.4)
    thor (0.18.1)
    tilt (1.3.7)
    twitter (4.6.2)
      faraday (~> 0.8, < 0.10)
      multi_json (~> 1.0)
      simple_oauth (~> 0.2)
    tzinfo (0.3.37)

PLATFORMS
  ruby

DEPENDENCIES
  activerecord
  acts_as_list
  fb_graph
  flacinfo-rb
  haml
  httpclient (>= 2.4.0)
  icanhasaudio (= 0.1.3)!
  pg
  pry-nav
  puma
  ruby-audio
  ruby-shout (= 2.2.1)!
  sass
  sinatra
  thor
  twitter
