GIT
  remote: git@github.com:rdvdijk/dm-is-list.git
  revision: 2a03c1c30e4bf24048e6c21266c36a3c6360b188
  branch: v1.2.0.afterbelowfix
  specs:
    dm-is-list (1.2.0)
      dm-adjust (~> 1.2.0)

GIT
  remote: git@github.com:rdvdijk/icanhasaudio.git
  revision: 23df3ea4e123da4254a7bc80c4af52ea8effedf8
  specs:
    icanhasaudio (0.1.3)

GIT
  remote: git@github.com:rdvdijk/ruby-shout.git
  revision: 15bce8fad36752b01551095f94acc0ed78838148
  specs:
    ruby-shout (2.2.1)

GEM
  remote: http://rubygems.org/
  specs:
    activesupport (3.1.2)
      multi_json (~> 1.0)
    addressable (2.2.8)
    attr_required (0.0.3)
    bcrypt-ruby (3.0.1)
    data_mapper (1.2.0)
      dm-aggregates (~> 1.2.0)
      dm-constraints (~> 1.2.0)
      dm-core (~> 1.2.0)
      dm-migrations (~> 1.2.0)
      dm-serializer (~> 1.2.0)
      dm-timestamps (~> 1.2.0)
      dm-transactions (~> 1.2.0)
      dm-types (~> 1.2.0)
      dm-validations (~> 1.2.0)
    data_objects (0.10.7)
      addressable (~> 2.1)
    dm-adjust (1.2.0)
      dm-core (~> 1.2.0)
    dm-aggregates (1.2.0)
      dm-core (~> 1.2.0)
    dm-constraints (1.2.0)
      dm-core (~> 1.2.0)
    dm-core (1.2.0)
      addressable (~> 2.2.6)
    dm-do-adapter (1.2.0)
      data_objects (~> 0.10.6)
      dm-core (~> 1.2.0)
    dm-migrations (1.2.0)
      dm-core (~> 1.2.0)
    dm-postgres-adapter (1.2.0)
      dm-do-adapter (~> 1.2.0)
      do_postgres (~> 0.10.6)
    dm-serializer (1.2.1)
      dm-core (~> 1.2.0)
      fastercsv (~> 1.5.4)
      json (~> 1.6.1)
      json_pure (~> 1.6.1)
      multi_json (~> 1.0.3)
    dm-timestamps (1.2.0)
      dm-core (~> 1.2.0)
    dm-transactions (1.2.0)
      dm-core (~> 1.2.0)
    dm-types (1.2.1)
      bcrypt-ruby (~> 3.0.0)
      dm-core (~> 1.2.0)
      fastercsv (~> 1.5.4)
      json (~> 1.6.1)
      multi_json (~> 1.0.3)
      stringex (~> 1.3.0)
      uuidtools (~> 2.1.2)
    dm-validations (1.2.0)
      dm-core (~> 1.2.0)
    do_postgres (0.10.7)
      data_objects (= 0.10.7)
    faraday (0.8.4)
      multipart-post (~> 1.1)
    fastercsv (1.5.4)
    fb_graph (2.2.2)
      httpclient (>= 2.2.0.2)
      rack-oauth2 (>= 0.9.4)
    flacinfo-rb (0.4)
    haml (3.1.3)
    httpclient (2.2.3)
    i18n (0.6.0)
    json (1.6.1)
    json_pure (1.6.1)
    multi_json (1.0.4)
    multipart-post (1.1.5)
    rack (1.5.1)
    rack-oauth2 (0.11.0)
      activesupport (>= 2.3)
      attr_required (>= 0.0.3)
      httpclient (>= 2.2.0.2)
      i18n
      json (>= 1.4.3)
      rack (>= 1.1)
    rack-protection (1.1.4)
      rack
    ruby-audio (1.5.0)
    sass (3.1.10)
    simple_oauth (0.2.0)
    sinatra (1.3.1)
      rack (~> 1.3, >= 1.3.4)
      rack-protection (~> 1.1, >= 1.1.2)
      tilt (~> 1.3, >= 1.3.3)
    stringex (1.3.0)
    thor (0.14.6)
    tilt (1.3.3)
    twitter (4.5.0)
      faraday (~> 0.8, < 0.10)
      multi_json (~> 1.0)
      simple_oauth (~> 0.2)
    uuidtools (2.1.2)

PLATFORMS
  ruby

DEPENDENCIES
  data_mapper
  dm-is-list!
  dm-postgres-adapter
  fb_graph
  flacinfo-rb
  haml
  icanhasaudio (= 0.1.3)!
  ruby-audio
  ruby-shout (= 2.2.1)!
  sass
  sinatra
  thor
  twitter
